GEM
  remote: https://rubygems.org/
  specs:
    json (1.8.1)

PLATFORMS
  ruby

DEPENDENCIES
  json

BUNDLED WITH
   1.10.6
